PATH
  remote: .
  specs:
    ruby_regex (0.1.2)
      rake
      test-unit

GEM
  remote: https://rubygems.org/
  specs:
    power_assert (1.1.3)
    rake (12.3.1)
    test-unit (3.2.8)
      power_assert

PLATFORMS
  ruby

DEPENDENCIES
  ruby_regex!

BUNDLED WITH
   1.16.2
